GEM
  remote: https://rubygems.org/
  specs:
    colorize (0.8.1)
    minitest (5.10.2)
    rake (12.0.0)

PLATFORMS
  ruby

DEPENDENCIES
  colorize!
  minitest (>= 5.10.2)!
  rake!

BUNDLED WITH
   1.16.0
